PATH
  remote: .
  specs:
    yaml2csv (0.0.3)
      ya2yaml (~> 0.30)

GEM
  remote: http://rubygems.org/
  specs:
    diff-lcs (1.1.2)
    rake (0.8.7)
    rspec (2.1.0)
      rspec-core (~> 2.1.0)
      rspec-expectations (~> 2.1.0)
      rspec-mocks (~> 2.1.0)
    rspec-core (2.1.0)
    rspec-expectations (2.1.0)
      diff-lcs (~> 1.1.2)
    rspec-mocks (2.1.0)
    ya2yaml (0.30)

PLATFORMS
  ruby

DEPENDENCIES
  bundler (~> 1.3.5)
  rake (~> 0.8.7)
  rspec
  yaml2csv!
